PATH
  remote: .
  specs:
    exception-transformer (0.0.0)

GEM
  remote: https://rubygems.org/
  specs:
    diff-lcs (1.2.5)
    github-markup (1.4.0)
    redcarpet (3.3.4)
    rspec (3.4.0)
      rspec-core (~> 3.4.0)
      rspec-expectations (~> 3.4.0)
      rspec-mocks (~> 3.4.0)
    rspec-core (3.4.4)
      rspec-support (~> 3.4.0)
    rspec-expectations (3.4.0)
      diff-lcs (>= 1.2.0, < 2.0)
      rspec-support (~> 3.4.0)
    rspec-mocks (3.4.1)
      diff-lcs (>= 1.2.0, < 2.0)
      rspec-support (~> 3.4.0)
    rspec-support (3.4.1)
    yard (0.8.7.6)

PLATFORMS
  ruby

DEPENDENCIES
  bundler (~> 1.11)
  exception-transformer!
  github-markup (~> 1.4)
  redcarpet (~> 3.3)
  rspec (~> 3.4)
  yard (~> 0.8.7)

BUNDLED WITH
   1.11.2
